GEM
  remote: https://rubygems.org/
  specs:
    addressable (2.4.0)
    chef (11.10.0)
      chef-zero (~> 1.7, >= 1.7.2)
      diff-lcs (~> 1.2, >= 1.2.4)
      erubis (~> 2.7)
      highline (~> 1.6, >= 1.6.9)
      json (>= 1.4.4, <= 1.8.1)
      mime-types (~> 1.16)
      mixlib-authentication (~> 1.3)
      mixlib-cli (~> 1.4)
      mixlib-config (~> 2.0)
      mixlib-log (~> 1.3)
      mixlib-shellout (~> 1.3)
      net-ssh (~> 2.6)
      net-ssh-multi (~> 1.1)
      ohai (~> 6.0)
      pry (~> 0.9)
      puma (~> 1.6)
      rest-client (>= 1.0.4, < 1.7.0)
      yajl-ruby (~> 1.1)
    chef-zero (1.7.3)
      hashie (~> 2.0)
      json
      mixlib-log (~> 1.3)
      moneta (< 0.7.0)
      rack
    chefspec (3.2.0)
      chef (~> 11.0)
      fauxhai (~> 2.0)
      i18n (>= 0.6.9, < 1.0.0)
      rspec (~> 2.14)
    coderay (1.1.1)
    colorize (0.6.0)
    crack (0.4.3)
      safe_yaml (~> 1.0.0)
    diff-lcs (1.2.5)
    erubis (2.7.0)
    fauxhai (2.3.0)
      net-ssh
      ohai
    hashdiff (0.3.0)
    hashie (2.1.2)
    highline (1.7.8)
    i18n (0.7.0)
    ipaddress (0.8.3)
    json (1.8.1)
    method_source (0.8.2)
    mime-types (1.25.1)
    mixlib-authentication (1.4.1)
      mixlib-log
    mixlib-cli (1.7.0)
    mixlib-config (2.2.1)
    mixlib-log (1.7.0)
    mixlib-shellout (1.6.1)
    moneta (0.6.0)
    net-ssh (2.9.4)
    net-ssh-gateway (1.2.0)
      net-ssh (>= 2.6.5)
    net-ssh-multi (1.2.1)
      net-ssh (>= 2.6.5)
      net-ssh-gateway (>= 1.2.0)
    ohai (6.24.2)
      ipaddress
      mixlib-cli
      mixlib-config
      mixlib-log
      mixlib-shellout
      systemu (~> 2.5.2)
      yajl-ruby
    pry (0.10.4)
      coderay (~> 1.1.0)
      method_source (~> 0.8.1)
      slop (~> 3.4)
    puma (1.6.3)
      rack (~> 1.2)
    rack (1.6.4)
    rest-client (1.6.9)
      mime-types (~> 1.16)
    rspec (2.99.0)
      rspec-core (~> 2.99.0)
      rspec-expectations (~> 2.99.0)
      rspec-mocks (~> 2.99.0)
    rspec-core (2.99.2)
    rspec-expectations (2.99.2)
      diff-lcs (>= 1.1.3, < 2.0)
    rspec-mocks (2.99.4)
    safe_yaml (1.0.4)
    searchef (0.1.1)
      chef
      fauxhai
      webmock
    slop (3.6.0)
    systemu (2.5.2)
    webmock (2.1.0)
      addressable (>= 2.3.6)
      crack (>= 0.3.2)
      hashdiff
    yajl-ruby (1.2.1)

PLATFORMS
  ruby

DEPENDENCIES
  chef (= 11.10.0)
  chefspec (= 3.2.0)
  colorize (= 0.6.0)
  searchef (= 0.1.1)

BUNDLED WITH
   1.12.5
